GEM
  remote: https://rubygems.org/
  specs:
    activesupport (6.0.3.6)
      concurrent-ruby (~> 1.0, >= 1.0.2)
      i18n (>= 0.7, < 2)
      minitest (~> 5.1)
      tzinfo (~> 1.1)
      zeitwerk (~> 2.2, >= 2.2.2)
    amazing_print (1.3.0)
    amq-protocol (2.3.2)
    bunny (2.17.0)
      amq-protocol (~> 2.3, >= 2.3.1)
    byebug (11.1.3)
    concurrent-ruby (1.1.8)
    config (3.0.0)
      deep_merge (~> 1.2, >= 1.2.1)
      dry-validation (~> 1.0, >= 1.0.0)
    deep_merge (1.2.1)
    diff-lcs (1.4.4)
    dry-configurable (0.11.6)
      concurrent-ruby (~> 1.0)
      dry-core (~> 0.4, >= 0.4.7)
      dry-equalizer (~> 0.2)
    dry-container (0.7.2)
      concurrent-ruby (~> 1.0)
      dry-configurable (~> 0.1, >= 0.1.3)
    dry-core (0.4.9)
      concurrent-ruby (~> 1.0)
    dry-equalizer (0.3.0)
    dry-inflector (0.2.0)
    dry-initializer (3.0.4)
    dry-logic (1.0.8)
      concurrent-ruby (~> 1.0)
      dry-core (~> 0.2)
      dry-equalizer (~> 0.2)
    dry-schema (1.5.5)
      concurrent-ruby (~> 1.0)
      dry-configurable (~> 0.8, >= 0.8.3)
      dry-core (~> 0.4)
      dry-equalizer (~> 0.2)
      dry-initializer (~> 3.0)
      dry-logic (~> 1.0)
      dry-types (~> 1.4)
    dry-types (1.4.0)
      concurrent-ruby (~> 1.0)
      dry-container (~> 0.3)
      dry-core (~> 0.4, >= 0.4.4)
      dry-equalizer (~> 0.3)
      dry-inflector (~> 0.1, >= 0.1.2)
      dry-logic (~> 1.0, >= 1.0.2)
    dry-validation (1.5.6)
      concurrent-ruby (~> 1.0)
      dry-container (~> 0.7, >= 0.7.1)
      dry-core (~> 0.4)
      dry-equalizer (~> 0.2)
      dry-initializer (~> 3.0)
      dry-schema (~> 1.5, >= 1.5.2)
    factory_bot (5.2.0)
      activesupport (>= 4.2.0)
    faraday (1.3.0)
      faraday-net_http (~> 1.0)
      multipart-post (>= 1.2, < 3)
      ruby2_keywords
    faraday-net_http (1.0.1)
    faraday_middleware (1.0.0)
      faraday (~> 1.0)
    fast_jsonapi (1.5)
      activesupport (>= 4.2)
    geocoder (1.6.6)
    i18n (1.8.9)
      concurrent-ruby (~> 1.0)
    minitest (5.14.4)
    multipart-post (2.1.1)
    nio4r (2.5.7)
    oj (3.11.3)
    ougai (2.0.0)
      oj (~> 3.10)
    prometheus-client (2.1.0)
    puma (5.2.2)
      nio4r (~> 2.0)
    rack (2.2.3)
    rake (13.0.3)
    rspec (3.9.0)
      rspec-core (~> 3.9.0)
      rspec-expectations (~> 3.9.0)
      rspec-mocks (~> 3.9.0)
    rspec-core (3.9.3)
      rspec-support (~> 3.9.3)
    rspec-expectations (3.9.4)
      diff-lcs (>= 1.2.0, < 2.0)
      rspec-support (~> 3.9.0)
    rspec-mocks (3.9.1)
      diff-lcs (>= 1.2.0, < 2.0)
      rspec-support (~> 3.9.0)
    rspec-support (3.9.4)
    ruby2_keywords (0.0.4)
    thread_safe (0.3.6)
    tzinfo (1.2.9)
      thread_safe (~> 0.1)
    zeitwerk (2.4.2)

PLATFORMS
  x86_64-darwin-18
  x86_64-darwin-20

DEPENDENCIES
  activesupport (~> 6.0.0)
  amazing_print
  bunny
  byebug
  config
  dry-initializer
  dry-validation
  factory_bot (~> 5.2.0)
  faraday
  faraday_middleware
  fast_jsonapi (~> 1.5)
  geocoder
  i18n
  ougai
  prometheus-client
  puma
  rack
  rake
  rspec (~> 3.9.0)

BUNDLED WITH
   2.2.13
